GEM
  remote: https://rubygems.org/
  specs:
    builder (3.1.4)
    byebug (2.3.1)
      columnize (~> 0.3.6)
      debugger-linecache (~> 1.2.0)
    columnize (0.3.6)
    cucumber (1.3.10)
      builder (>= 2.1.2)
      diff-lcs (>= 1.1.3)
      gherkin (~> 2.12)
      multi_json (>= 1.7.5, < 2.0)
      multi_test (>= 0.0.2)
    debugger-linecache (1.2.0)
    diff-lcs (1.2.5)
    gherkin (2.12.2)
      multi_json (~> 1.3)
    gosu (0.7.50)
    hasu (0.1.4)
      gosu
    multi_json (1.8.2)
    multi_test (0.0.2)

PLATFORMS
  ruby

DEPENDENCIES
  byebug
  cucumber
  hasu
